GEM
  remote: http://rubygems.org/
  specs:
    dalli (2.7.4)
    memcachier (0.0.2)
    puma (2.14.0)
    rack (1.6.4)
    rack-cache (1.5.0)
      rack (>= 0.4)
    rack-protection (1.5.3)
      rack
    rake (0.8.7)
    rmagick (2.15.4)
    shotgun (0.9.1)
      rack (>= 1.0)
    sinatra (1.4.6)
      rack (~> 1.4)
      rack-protection (~> 1.4)
      tilt (>= 1.3, < 3)
    tilt (2.0.1)

PLATFORMS
  ruby

DEPENDENCIES
  dalli
  memcachier
  puma
  rack-cache
  rake (= 0.8.7)
  rmagick
  shotgun
  sinatra

BUNDLED WITH
   1.10.4
